GEM
  remote: https://rubygems.org/
  specs:
    metaclass (0.0.4)
    mocha (1.1.0)
      metaclass (~> 0.0.1)
    mysql2 (0.3.20)
    simple-rss (1.3.1)
    thor (0.19.1)

PLATFORMS
  ruby

DEPENDENCIES
  mocha (= 1.1.0)
  mysql2 (= 0.3.20)
  simple-rss (= 1.3.1)
  thor (= 0.19.1)
