GEM
  remote: https://rubygems.org/
  specs:
    mysql2 (0.3.20)
    simple-rss (1.3.1)
    thor (0.19.1)

PLATFORMS
  ruby

DEPENDENCIES
  mysql2 (= 0.3.20)
  simple-rss (= 1.3.1)
  thor (= 0.19.1)
